GIT
  remote: git://github.com/siteleaf/siteleaf-gem.git
  revision: c6c785c4ae820557c02a19f778e7ebe1767f8d73
  specs:
    siteleaf (0.9.22)
      httmultiparty (<= 0.3.12)
      httparty (<= 0.11)
      rack

GEM
  remote: http://rubygems.org/
  specs:
    httmultiparty (0.3.12)
      httparty (>= 0.7.3)
      mimemagic
      multipart-post
    httparty (0.11.0)
      multi_json (~> 1.0)
      multi_xml (>= 0.5.2)
    mimemagic (0.2.1)
    multi_json (1.10.1)
    multi_xml (0.5.5)
    multipart-post (2.0.0)
    rack (1.5.2)

PLATFORMS
  ruby

DEPENDENCIES
  siteleaf!
